GEM
  remote: https://rubygems.org/
  specs:
    albacore (2.5.8)
      map (~> 6.5)
      nokogiri (~> 1.5)
      rake (~> 10)
      semver2 (~> 3.4)
    map (6.6.0)
    mini_portile2 (2.0.0)
    nokogiri (1.6.7.2-x64-mingw32)
      mini_portile2 (~> 2.0.0.rc2)
    nokogiri (1.6.7.2-x86-mingw32)
      mini_portile2 (~> 2.0.0.rc2)
    rake (10.5.0)
    rubyzip (1.1.7)
    semver2 (3.4.2)

PLATFORMS
  x64-mingw32
  x86-mingw32

DEPENDENCIES
  albacore (= 2.5.8)
  rake
  rubyzip
  semver2

BUNDLED WITH
   1.11.2
