GEM
  remote: https://rubygems.org/
  specs:
    albacore (2.5.3)
      map (~> 6.5)
      nokogiri (~> 1.5)
      rake (~> 10)
      semver2 (~> 3.4)
    map (6.5.5)
    mini_portile (0.6.2)
    nokogiri (1.6.6.2-x64-mingw32)
      mini_portile (~> 0.6.0)
    nokogiri (1.6.6.2-x86-mingw32)
      mini_portile (~> 0.6.0)
    rake (10.4.2)
    rubyzip (1.1.7)
    semver2 (3.4.2)

PLATFORMS
  x64-mingw32
  x86-mingw32

DEPENDENCIES
  albacore
  rake
  rubyzip
  semver2

BUNDLED WITH
   1.11.2
